PATH
  remote: .
  specs:
    mmtop (0.9.2)
      getopt-declare
      mysql2

GEM
  remote: http://rubygems.org/
  specs:
    columnize (0.3.5)
    getopt-declare (1.29)
    linecache (0.46)
      rbx-require-relative (> 0.0.4)
    mysql2 (0.3.11)
    rbx-require-relative (0.0.5)
    ruby-debug (0.10.4)
      columnize (>= 0.1)
      ruby-debug-base (~> 0.10.4.0)
    ruby-debug-base (0.10.4)
      linecache (>= 0.3)

PLATFORMS
  ruby

DEPENDENCIES
  mmtop!
  ruby-debug
